GEM
  remote: http://rubygems.org/
  specs:
    ZenTest (4.5.0)
    autotest-fsevent (0.2.7)
      sys-uname
    autotest-growl (0.2.16)
    capistrano (2.9.0)
      highline
      net-scp (>= 1.0.0)
      net-sftp (>= 2.0.0)
      net-ssh (>= 2.0.14)
      net-ssh-gateway (>= 1.1.0)
    coderay (0.9.8)
    ffi (1.0.11)
    highline (1.6.9)
    method_source (0.6.7)
      ruby_parser (>= 2.3.1)
    net-ldap (0.2.2)
    net-ping (1.5.2)
      net-ldap (~> 0.2.2)
    net-scp (1.0.4)
      net-ssh (>= 1.99.1)
    net-sftp (2.0.5)
      net-ssh (>= 2.0.9)
    net-ssh (2.3.0)
    net-ssh-gateway (1.1.0)
      net-ssh (>= 1.99.1)
    pry (0.9.7.4)
      coderay (~> 0.9.8)
      method_source (~> 0.6.7)
      ruby_parser (>= 2.3.1)
      slop (~> 2.1.0)
    rack (1.4.0)
    ruby_parser (2.3.1)
      sexp_processor (~> 3.0)
    sexp_processor (3.0.9)
    slop (2.1.0)
    sys-uname (0.9.0)
      ffi (>= 1.0.0)

PLATFORMS
  ruby

DEPENDENCIES
  ZenTest (~> 4.5.0)
  autotest-fsevent
  autotest-growl
  capistrano
  net-ping
  pry
  rack
